GEM
  remote: http://rubygems.org/
  specs:
    ansi (1.4.1)
    eventmachine (0.12.10)
    thor (0.14.6)

PLATFORMS
  ruby

DEPENDENCIES
  ansi (~> 1.4.1)
  eventmachine (~> 0.12.10)
  thor (~> 0.14.6)
